GIT
  remote: git@github.com:eventmachine/eventmachine
  revision: 9cb13a8a62363df5ebcc414169a3deb2c1608528
  tag: v1.2.7
  specs:
    eventmachine (1.2.7)

GEM
  remote: https://rubygems.org/
  specs:
    backports (3.6.0)
    coderay (1.1.0)
    daemons (1.3.1)
    kramdown (1.17.0)
    minitest (5.4.1)
    multi_json (1.10.1)
    rack (1.5.2)
    rack-protection (1.5.3)
      rack
    rack-test (0.6.2)
      rack (>= 1.0)
    rake (10.3.2)
    sinatra (1.4.5)
      rack (~> 1.4)
      rack-protection (~> 1.4)
      tilt (~> 1.3, >= 1.3.4)
    sinatra-contrib (1.4.2)
      backports (>= 2.0)
      multi_json
      rack-protection
      rack-test
      sinatra (~> 1.4.0)
      tilt (~> 1.3)
    thin (1.7.2)
      daemons (~> 1.0, >= 1.0.9)
      eventmachine (~> 1.0, >= 1.0.4)
      rack (>= 1, < 3)
    tilt (1.4.1)

PLATFORMS
  ruby
  x64-mingw32

DEPENDENCIES
  coderay (~> 1.1.0)
  eventmachine (= 1.2.7)!
  kramdown (~> 1.17.0)
  minitest (~> 5.4.1)
  rack-test (~> 0.6.2)
  rake (~> 10.3.2)
  sinatra (~> 1.4.5)
  sinatra-contrib (~> 1.4.2)
  thin (~> 1.7.2)

BUNDLED WITH
   1.16.3
